RESTRICTION: == net45
NUGET
  remote: https://www.nuget.org/api/v2
    FSharp.Configuration (1.3)
      FSharp.Core (>= 4.0.0.1)
    FSharp.Core (4.2.2)
    FSharp.Data (2.3.3)
    FsUnit (3.0)
      FSharp.Core (>= 3.1.2.5)
      NUnit (>= 3.6)
    NUnit (3.7.1)
    Zlib.Portable (1.11)
