NUGET
  remote: https://www.nuget.org/api/v2
  specs:
    FSharp.Configuration (0.5.3)
    FsPickler (1.3.7)
    FsPickler.Json (1.3.7)
      FsPickler (1.3.7)
      Newtonsoft.Json (>= 6.0.5)
    FsUnit (1.3.1.0)
      NUnit (2.6.4)
    Mini (0.4.2.0)
    Newtonsoft.Json (7.0.1)
    NUnit (2.6.4)
