NUGET
  remote: https://www.nuget.org/api/v2
  specs:
    FsUnit (1.3.1.0)
      NUnit (2.6.4)
    NUnit (2.6.4)
