NUGET
  remote: https://nuget.org/api/v2
  specs:
    FSharp.Configuration (0.5.11)
    FSharp.Core (4.0.0.1)
    FsUnit (1.3.1)
      NUnit (2.6.4)
    NUnit (2.6.4)
