NUGET
  remote: https://nuget.org/api/v2
  specs:
    FsUnit (1.3.1.0)
      NUnit (2.6.4)
    Newtonsoft.Json (3.5.8)
    NUnit (2.6.4)
