NUGET
  remote: https://nuget.org/api/v2
  specs:
    FSharp.Configuration (0.5.7)
    FsUnit (1.3.1.0)
      NUnit (2.6.4)
    NUnit (2.6.4)
