NUGET
  remote: https://nuget.org/api/v2
  specs:
    FSharp.Configuration (0.5.11)
    FSharp.Core (4.0.0.1)
    FSharp.Data (2.2.5)
      Zlib.Portable (>= 1.10.0) - framework: portable-net40+sl50+wp80+win80
    FsUnit (1.3.1)
      NUnit (2.6.4)
    Mono.Cecil (0.9.6.1)
    NUnit (2.6.4)
    Zlib.Portable (1.11.0) - framework: portable-net40+sl50+wp80+win80
