NUGET
  remote: https://www.nuget.org/api/v2
  specs:
    FSharp.Core (4.0.0.1) - framework: >= net45
    FsPickler (1.3.7) - framework: >= net45
    FsPickler.CSharp (1.3.7) - framework: >= net45
      FSharp.Core (>= 3.1.2.5)
      FsPickler (1.3.7)
      FsPickler.Json (1.3.7)
    FsPickler.Json (1.3.7) - framework: >= net45
      FsPickler (1.3.7)
      Newtonsoft.Json (>= 6.0.5)
    FsUnit (1.3.1.0) - framework: >= net45
      NUnit (2.6.4)
    LibGit2Sharp (0.21.0.176) - framework: >= net45
    Mercurial.Net (1.1.1.607) - framework: >= net45
    Microsoft.Bcl.Immutable (1.0.34) - framework: >= net45
    Mini (0.4.2.0) - framework: >= net45
    Newtonsoft.Json (7.0.1) - framework: >= net45
    NFluent (1.3.1.0) - framework: >= net45
    NLog (4.0.1)
    NuGet.CommandLine (2.8.6)
    NUnit (2.6.4)
    semver (1.1.2) - framework: >= net45
    xunit (1.9.1) - framework: >= net45
